PATH
  remote: .
  specs:
    net-imap (0.2.1)
      digest
      net-protocol
      strscan

GEM
  remote: https://rubygems.org/
  specs:
    digest (3.0.0)
    net-protocol (0.1.0)
    power_assert (2.0.0)
    rake (13.0.3)
    strscan (3.0.0)
    test-unit (3.4.1)
      power_assert

PLATFORMS
  ruby

DEPENDENCIES
  net-imap!
  rake
  test-unit

BUNDLED WITH
   2.1.4
